PATH
  remote: .
  specs:
    tetris (0.0.1)

GEM
  remote: https://rubygems.org/
  specs:
    rake (10.4.0)

PLATFORMS
  ruby
  x86-mingw32

DEPENDENCIES
  bundler (~> 1.5)
  rake
  tetris!
